GIT
  remote: https://github.com/icyleaf/sidekiq-failures
  revision: 2c3adef86fc39f0bb14315db918e3bba2c796c68
  ref: 2c3adef86fc39f0bb14315db918e3bba2c796c68
  specs:
    sidekiq-failures (1.0.1)
      sidekiq (>= 4.0.0)

GEM
  remote: https://rubygems.org/
  specs:
    CFPropertyList (3.0.5)
      rexml
    actioncable (7.0.3.1)
      actionpack (= 7.0.3.1)
      activesupport (= 7.0.3.1)
      nio4r (~> 2.0)
      websocket-driver (>= 0.6.1)
    actionmailbox (7.0.3.1)
      actionpack (= 7.0.3.1)
      activejob (= 7.0.3.1)
      activerecord (= 7.0.3.1)
      activestorage (= 7.0.3.1)
      activesupport (= 7.0.3.1)
      mail (>= 2.7.1)
      net-imap
      net-pop
      net-smtp
    actionmailer (7.0.3.1)
      actionpack (= 7.0.3.1)
      actionview (= 7.0.3.1)
      activejob (= 7.0.3.1)
      activesupport (= 7.0.3.1)
      mail (~> 2.5, >= 2.5.4)
      net-imap
      net-pop
      net-smtp
      rails-dom-testing (~> 2.0)
    actionpack (7.0.3.1)
      actionview (= 7.0.3.1)
      activesupport (= 7.0.3.1)
      rack (~> 2.0, >= 2.2.0)
      rack-test (>= 0.6.3)
      rails-dom-testing (~> 2.0)
      rails-html-sanitizer (~> 1.0, >= 1.2.0)
    actiontext (7.0.3.1)
      actionpack (= 7.0.3.1)
      activerecord (= 7.0.3.1)
      activestorage (= 7.0.3.1)
      activesupport (= 7.0.3.1)
      globalid (>= 0.6.0)
      nokogiri (>= 1.8.5)
    actionview (7.0.3.1)
      activesupport (= 7.0.3.1)
      builder (~> 3.1)
      erubi (~> 1.4)
      rails-dom-testing (~> 2.0)
      rails-html-sanitizer (~> 1.1, >= 1.2.0)
    active_model_serializers (0.10.13)
      actionpack (>= 4.1, < 7.1)
      activemodel (>= 4.1, < 7.1)
      case_transform (>= 0.2)
      jsonapi-renderer (>= 0.1.1.beta1, < 0.3)
    activejob (7.0.3.1)
      activesupport (= 7.0.3.1)
      globalid (>= 0.3.6)
    activejob-status (0.2.2)
      activejob (>= 4.2)
      activesupport (>= 4.2)
    activemodel (7.0.3.1)
      activesupport (= 7.0.3.1)
    activerecord (7.0.3.1)
      activemodel (= 7.0.3.1)
      activesupport (= 7.0.3.1)
    activestorage (7.0.3.1)
      actionpack (= 7.0.3.1)
      activejob (= 7.0.3.1)
      activerecord (= 7.0.3.1)
      activesupport (= 7.0.3.1)
      marcel (~> 1.0)
      mini_mime (>= 1.1.0)
    activesupport (7.0.3.1)
      concurrent-ruby (~> 1.0, >= 1.0.2)
      i18n (>= 1.6, < 2)
      minitest (>= 5.1)
      tzinfo (~> 2.0)
    addressable (2.8.0)
      public_suffix (>= 2.0.2, < 5.0)
    android_parser (2.5.0)
      rubyzip (>= 1.0, < 3.0)
    app-info (2.8.3)
      CFPropertyList (>= 2.3.4, < 3.1.0)
      android_parser (~> 2.5.0)
      google-protobuf (>= 3.19.4, < 3.22.0)
      icns (~> 0.2.0)
      image_size (>= 1.5, < 3.1)
      ruby-macho (>= 1.4, < 4)
      rubyzip (>= 1.2, < 3.0)
      uuidtools (>= 2.1.5, < 2.3.0)
    ast (2.4.2)
    awesome_print (1.9.2)
    bcrypt (3.1.18)
    better_errors (2.9.1)
      coderay (>= 1.0.0)
      erubi (>= 1.0.0)
      rack (>= 0.9.0)
    bindex (0.8.1)
    binding_of_caller (1.0.0)
      debug_inspector (>= 0.0.1)
    bootsnap (1.13.0)
      msgpack (~> 1.2)
    builder (3.2.4)
    carrierwave (2.2.2)
      activemodel (>= 5.0.0)
      activesupport (>= 5.0.0)
      addressable (~> 2.6)
      image_processing (~> 1.1)
      marcel (~> 1.0.0)
      mini_mime (>= 0.1.3)
      ssrf_filter (~> 1.0)
    case_transform (0.2)
      activesupport
    chef-utils (17.10.0)
      concurrent-ruby
    chunky_png (1.4.0)
    coderay (1.1.3)
    concurrent-ruby (1.1.10)
    connection_pool (2.2.5)
    crass (1.0.6)
    cssbundling-rails (1.1.1)
      railties (>= 6.0.0)
    debug (1.6.1)
      irb (>= 1.3.6)
      reline (>= 0.3.1)
    debug_inspector (1.1.0)
    devise (4.8.1)
      bcrypt (~> 3.0)
      orm_adapter (~> 0.1)
      railties (>= 4.1.0)
      responders
      warden (~> 1.2.3)
    devise-i18n (1.10.2)
      devise (>= 4.8.0)
    digest (3.1.0)
    dotenv (2.8.1)
    dotenv-rails (2.8.1)
      dotenv (= 2.8.1)
      railties (>= 3.2)
    erubi (1.10.0)
    et-orbi (1.2.7)
      tzinfo
    faraday (2.5.1)
      faraday-net_http (>= 2.0, < 3.1)
      ruby2_keywords (>= 0.0.4)
    faraday-net_http (3.0.0)
    ffi (1.15.5)
    ffi-compiler (1.0.1)
      ffi (>= 1.0.0)
      rake
    formatador (1.1.0)
    friendly_id (5.4.2)
      activerecord (>= 4.0.0)
    fugit (1.5.3)
      et-orbi (~> 1, >= 1.2.7)
      raabro (~> 1.4)
    globalid (1.0.0)
      activesupport (>= 5.0)
    google-protobuf (3.21.3)
    graphiql-rails (1.8.0)
      railties
      sprockets-rails
    graphql (2.0.12)
    guard (2.18.0)
      formatador (>= 0.2.4)
      listen (>= 2.7, < 4.0)
      lumberjack (>= 1.0.12, < 2.0)
      nenv (~> 0.1)
      notiffany (~> 0.0)
      pry (>= 0.13.0)
      shellany (~> 0.0)
      thor (>= 0.18.1)
    guard-bundler (3.0.0)
      bundler (>= 2.1, < 3)
      guard (~> 2.2)
      guard-compat (~> 1.1)
    guard-compat (1.2.1)
    guard-migrate (2.0.0)
      activerecord (>= 4.1.0)
      guard (~> 2.3)
      guard-compat (~> 1.1)
    guard-rails (0.8.1)
      guard (~> 2.11)
      guard-compat (~> 1.0)
    guard-sidekiq (0.1.0)
      guard (>= 2)
      sidekiq
    hashie (5.0.0)
    health_check (3.1.0)
      railties (>= 5.0)
    i18n (1.12.0)
      concurrent-ruby (~> 1.0)
    icns (0.2.0)
    image_processing (1.12.2)
      mini_magick (>= 4.9.5, < 5)
      ruby-vips (>= 2.0.17, < 3)
    image_size (3.0.2)
    improved_jenkins_client (1.6.7)
      addressable (~> 2.7)
      json (>= 1.0)
      mixlib-shellout (>= 1.1.0)
      nokogiri (~> 1.6)
      socksify (>= 1.7.0)
      terminal-table (>= 1.4.0)
      thor (>= 0.16.0)
    interception (0.5)
    io-console (0.5.11)
    ipaddr (1.2.4)
    irb (1.4.1)
      reline (>= 0.3.0)
    jb (0.8.0)
    jsbundling-rails (1.0.3)
      railties (>= 6.0.0)
    json (2.6.2)
    jsonapi-renderer (0.2.2)
    jwt (2.4.1)
    kaminari (1.2.2)
      activesupport (>= 4.1.0)
      kaminari-actionview (= 1.2.2)
      kaminari-activerecord (= 1.2.2)
      kaminari-core (= 1.2.2)
    kaminari-actionview (1.2.2)
      actionview
      kaminari-core (= 1.2.2)
    kaminari-activerecord (1.2.2)
      activerecord
      kaminari-core (= 1.2.2)
    kaminari-core (1.2.2)
    launchy (2.5.0)
      addressable (~> 2.7)
    letter_opener (1.8.1)
      launchy (>= 2.2, < 3)
    letter_opener_web (2.0.0)
      actionmailer (>= 5.2)
      letter_opener (~> 1.7)
      railties (>= 5.2)
      rexml
    listen (3.7.1)
      rb-fsevent (~> 0.10, >= 0.10.3)
      rb-inotify (~> 0.9, >= 0.9.10)
    lograge (0.12.0)
      actionpack (>= 4)
      activesupport (>= 4)
      railties (>= 4)
      request_store (~> 1.0)
    loofah (2.18.0)
      crass (~> 1.0.2)
      nokogiri (>= 1.5.9)
    lumberjack (1.2.8)
    mail (2.7.1)
      mini_mime (>= 0.1.1)
    marcel (1.0.2)
    method_source (1.0.0)
    mini_magick (4.11.0)
    mini_mime (1.1.2)
    mini_portile2 (2.8.0)
    minitest (5.16.2)
    mixlib-shellout (3.2.7)
      chef-utils
    msgpack (1.5.4)
    multi_json (1.15.0)
    multi_xml (0.6.0)
    nenv (0.3.0)
    net-imap (0.2.3)
      digest
      net-protocol
      strscan
    net-ldap (0.17.1)
    net-pop (0.1.1)
      digest
      net-protocol
      timeout
    net-protocol (0.1.3)
      timeout
    net-smtp (0.3.1)
      digest
      net-protocol
      timeout
    nio4r (2.5.8)
    nokogiri (1.13.8)
      mini_portile2 (~> 2.8.0)
      racc (~> 1.4)
    notiffany (0.1.3)
      nenv (~> 0.1)
      shellany (~> 0.0)
    oauth2 (1.4.10)
      faraday (>= 0.17.3, < 3.0)
      jwt (>= 1.0, < 3.0)
      multi_json (~> 1.3)
      multi_xml (~> 0.5)
      rack (>= 1.2, < 3)
    omniauth (2.1.0)
      hashie (>= 3.4.6)
      rack (>= 2.2.3)
      rack-protection
    omniauth-feishu (0.1.8)
      omniauth-oauth2 (>= 1.6.0, < 2)
    omniauth-gitlab (3.0.0)
      omniauth (~> 2.0)
      omniauth-oauth2 (~> 1.7.1)
    omniauth-google-oauth2 (1.0.1)
      jwt (>= 2.0)
      oauth2 (~> 1.1)
      omniauth (~> 2.0)
      omniauth-oauth2 (~> 1.7.1)
    omniauth-oauth2 (1.7.3)
      oauth2 (>= 1.4, < 3)
      omniauth (>= 1.9, < 3)
    omniauth-rails_csrf_protection (1.0.1)
      actionpack (>= 4.2)
      omniauth (~> 2.0)
    openssl (2.2.1)
      ipaddr
    orm_adapter (0.5.0)
    parallel (1.22.1)
    parser (3.1.2.0)
      ast (~> 2.4.1)
    pg (1.4.3)
    pghero (2.8.3)
      activerecord (>= 5)
    plist (3.6.0)
    propshaft (0.6.4)
      actionpack (>= 7.0.0)
      activesupport (>= 7.0.0)
      rack
      railties (>= 7.0.0)
    pry (0.13.1)
      coderay (~> 1.1)
      method_source (~> 1.0)
    pry-rails (0.3.9)
      pry (>= 0.10.4)
    pry-rescue (1.5.2)
      interception (>= 0.5)
      pry (>= 0.12.0)
    public_suffix (4.0.7)
    puma (5.6.4)
      nio4r (~> 2.0)
    pundit (2.2.0)
      activesupport (>= 3.0.0)
    pyu-ruby-sasl (0.0.3.3)
    raabro (1.4.0)
    racc (1.6.0)
    rack (2.2.4)
    rack-cors (1.1.1)
      rack (>= 2.0.0)
    rack-protection (2.2.2)
      rack
    rack-test (2.0.2)
      rack (>= 1.3)
    rails (7.0.3.1)
      actioncable (= 7.0.3.1)
      actionmailbox (= 7.0.3.1)
      actionmailer (= 7.0.3.1)
      actionpack (= 7.0.3.1)
      actiontext (= 7.0.3.1)
      actionview (= 7.0.3.1)
      activejob (= 7.0.3.1)
      activemodel (= 7.0.3.1)
      activerecord (= 7.0.3.1)
      activestorage (= 7.0.3.1)
      activesupport (= 7.0.3.1)
      bundler (>= 1.15.0)
      railties (= 7.0.3.1)
    rails-dom-testing (2.0.3)
      activesupport (>= 4.2.0)
      nokogiri (>= 1.6)
    rails-html-sanitizer (1.4.3)
      loofah (~> 2.3)
    rails-i18n (7.0.5)
      i18n (>= 0.7, < 2)
      railties (>= 6.0.0, < 8)
    rails-settings-cached (2.8.2)
      rails (>= 5.0.0)
    railties (7.0.3.1)
      actionpack (= 7.0.3.1)
      activesupport (= 7.0.3.1)
      method_source
      rake (>= 12.2)
      thor (~> 1.0)
      zeitwerk (~> 2.5)
    rainbow (3.1.1)
    rake (13.0.6)
    rb-fsevent (0.11.1)
    rb-inotify (0.10.1)
      ffi (~> 1.0)
    redis (4.7.1)
    regexp_parser (2.5.0)
    reline (0.3.1)
      io-console (~> 0.5)
    request_store (1.5.1)
      rack (>= 1.4)
    responders (3.0.1)
      actionpack (>= 5.0)
      railties (>= 5.0)
    rexml (3.2.5)
    rqrcode (2.1.2)
      chunky_png (~> 1.0)
      rqrcode_core (~> 1.0)
    rqrcode_core (1.2.0)
    rubocop (1.32.0)
      json (~> 2.3)
      parallel (~> 1.10)
      parser (>= 3.1.0.0)
      rainbow (>= 2.2.2, < 4.0)
      regexp_parser (>= 1.8, < 3.0)
      rexml (>= 3.2.5, < 4.0)
      rubocop-ast (>= 1.19.1, < 2.0)
      ruby-progressbar (~> 1.7)
      unicode-display_width (>= 1.4.0, < 3.0)
    rubocop-ast (1.19.1)
      parser (>= 3.1.1.0)
    rubocop-rails (2.15.2)
      activesupport (>= 4.2.0)
      rack (>= 1.1)
      rubocop (>= 1.7.0, < 2.0)
    ruby-macho (3.0.0)
    ruby-progressbar (1.11.0)
    ruby-vips (2.1.4)
      ffi (~> 1.12)
    ruby2_keywords (0.0.5)
    rubyntlm (0.6.3)
    rubyzip (2.3.2)
    rufus-scheduler (3.8.2)
      fugit (~> 1.1, >= 1.1.6)
    sentry-rails (5.4.1)
      railties (>= 5.0)
      sentry-ruby (~> 5.4.1)
    sentry-ruby (5.4.1)
      concurrent-ruby (~> 1.0, >= 1.0.2)
    sentry-sidekiq (5.4.1)
      sentry-ruby (~> 5.4.1)
      sidekiq (>= 3.0)
    shellany (0.0.1)
    sidekiq (6.5.4)
      connection_pool (>= 2.2.2)
      rack (~> 2.0)
      redis (>= 4.5.0)
    sidekiq-scheduler (4.0.2)
      redis (>= 4.2.0)
      rufus-scheduler (~> 3.2)
      sidekiq (>= 4)
      tilt (>= 1.4.0)
    simple_form (5.1.0)
      actionpack (>= 5.2)
      activemodel (>= 5.2)
    slim (4.1.0)
      temple (>= 0.7.6, < 0.9)
      tilt (>= 2.0.6, < 2.1)
    slim-rails (3.5.1)
      actionpack (>= 3.1)
      railties (>= 3.1)
      slim (>= 3.0, < 5.0)
    socksify (1.7.1)
    sprockets (4.1.1)
      concurrent-ruby (~> 1.0)
      rack (> 1, < 3)
    sprockets-rails (3.4.2)
      actionpack (>= 5.2)
      activesupport (>= 5.2)
      sprockets (>= 3.0.0)
    ssrf_filter (1.0.7)
    stimulus-rails (1.1.0)
      railties (>= 6.0.0)
    strscan (3.0.4)
    sys-filesystem (1.4.3)
      ffi (~> 1.1)
    temple (0.8.2)
    terminal-notifier (2.0.0)
    terminal-notifier-guard (1.7.0)
    terminal-table (3.0.2)
      unicode-display_width (>= 1.1.1, < 3)
    thor (1.2.1)
    tilt (2.0.11)
    timeout (0.3.0)
    tiny_appstore_connect (0.1.7)
      faraday (>= 1.10.0, < 3.0)
      jwt (>= 1.4, < 3)
      openssl (>= 2.2.1, < 4)
    turbo-rails (1.1.1)
      actionpack (>= 6.0.0)
      activejob (>= 6.0.0)
      railties (>= 6.0.0)
    tzinfo (2.0.5)
      concurrent-ruby (~> 1.0)
    unicode-display_width (2.2.0)
    uuidtools (2.2.0)
    vmstat (2.3.1)
    warden (1.2.9)
      rack (>= 2.0.9)
    web-console (4.2.0)
      actionview (>= 6.0.0)
      activemodel (>= 6.0.0)
      bindex (>= 0.4.0)
      railties (>= 6.0.0)
    webp-ffi (0.3.1)
      ffi (>= 1.9.0)
      ffi-compiler (>= 0.1.2)
    websocket-driver (0.7.5)
      websocket-extensions (>= 0.1.0)
    websocket-extensions (0.1.5)
    zeitwerk (2.6.0)

PLATFORMS
  ruby

DEPENDENCIES
  active_model_serializers (~> 0.10.13)
  activejob-status
  app-info (~> 2.8.3)
  awesome_print
  better_errors
  binding_of_caller
  bootsnap (>= 1.4.7)
  carrierwave (~> 2.2.2)
  cssbundling-rails (~> 1.1)
  debug (~> 1.6.1)
  devise (~> 4.8.1)
  devise-i18n (~> 1.10.2)
  dotenv-rails
  faraday (~> 2.5.1)
  friendly_id (~> 5.4.2)
  graphiql-rails
  graphql (~> 2.0.12)
  guard (~> 2.18.0)
  guard-bundler
  guard-migrate
  guard-rails
  guard-sidekiq
  health_check (~> 3.1.0)
  improved_jenkins_client (~> 1.6.7)
  jb (~> 0.8.0)
  jsbundling-rails (~> 1.0)
  kaminari (~> 1.2.2)
  letter_opener (~> 1.8)
  letter_opener_web (~> 2.0)
  listen (>= 3.0.5, < 3.8)
  lograge (~> 0.12.0)
  net-ldap (~> 0.17)
  omniauth (~> 2.1.0)
  omniauth-feishu (~> 0.1.8)
  omniauth-gitlab (~> 3.0.0)
  omniauth-google-oauth2 (~> 1.0.1)
  omniauth-rails_csrf_protection (~> 1.0.1)
  openssl (~> 2.2.1)
  pg (>= 0.18, < 2.0)
  pghero (~> 2.8.3)
  plist (~> 3.6.0)
  propshaft (= 0.6.4)
  pry-rails
  pry-rescue
  puma (~> 5.6.4)
  pundit (~> 2.2.0)
  pyu-ruby-sasl (>= 0.0.3.3, < 0.1)
  rack-cors (~> 1.1.1)
  rails (~> 7.0.3)
  rails-i18n (~> 7.0.5)
  rails-settings-cached (~> 2.8.2)
  rake (~> 13.0.4)
  redis (~> 4.7.1)
  rqrcode
  rubocop (>= 0.70)
  rubocop-rails
  rubyntlm (~> 0.5)
  sentry-rails
  sentry-ruby
  sentry-sidekiq
  sidekiq (~> 6.5.4)
  sidekiq-failures!
  sidekiq-scheduler (~> 4.0.2)
  simple_form (~> 5.1)
  slim-rails (~> 3.5.1)
  stimulus-rails (~> 1.1.0)
  sys-filesystem (~> 1.4.3)
  terminal-notifier
  terminal-notifier-guard
  tiny_appstore_connect (~> 0.1.7)
  turbo-rails (~> 1.1)
  vmstat (~> 2.3.0)
  web-console (>= 3.3.0)
  webp-ffi (~> 0.3.1)

BUNDLED WITH
   2.3.4
